PATH
  remote: .
  specs:
    balboa_park_itinerary_ideas (0.1.11)
      colorize (~> 0.8.1)
      nokogiri (~> 1.10)
      strings (~> 0.1.4)

GEM
  remote: https://rubygems.org/
  specs:
    coderay (1.1.2)
    colorize (0.8.1)
    method_source (0.8.2)
    mini_portile2 (2.5.0)
    nokogiri (1.11.0)
      mini_portile2 (~> 2.5.0)
      racc (~> 1.4)
    pry (0.10.4)
      coderay (~> 1.1.0)
      method_source (~> 0.8.1)
      slop (~> 3.4)
    racc (1.5.2)
    rake (13.0.1)
    slop (3.6.0)
    strings (0.1.5)
      strings-ansi (~> 0.1)
      unicode-display_width (~> 1.5)
      unicode_utils (~> 1.4)
    strings-ansi (0.1.0)
    unicode-display_width (1.6.0)
    unicode_utils (1.4.0)

PLATFORMS
  ruby

DEPENDENCIES
  balboa_park_itinerary_ideas!
  bundler (~> 2.0)
  pry (~> 0.10.3)
  rake (~> 13.0)

BUNDLED WITH
   2.0.1
